GEM
  remote: http://rubygems.org/
  specs:
    builder (3.2.2)
    rack (1.6.4)
    rack-protection (1.5.3)
      rack
    simple-rss (1.3.1)
    sinatra (1.4.6)
      rack (~> 1.4)
      rack-protection (~> 1.4)
      tilt (>= 1.3, < 3)
    tilt (2.0.1)

PLATFORMS
  ruby

DEPENDENCIES
  builder (>= 3.2.2)
  simple-rss (>= 1.3.1)
  sinatra (>= 1.4.6)

BUNDLED WITH
   1.10.4
